PATH
  remote: .
  specs:
    gemsurance (0.9.0)
      bundler (~> 1.2)
      gems (~> 0.8)
      git (~> 1.2)

GEM
  remote: https://rubygems.org/
  specs:
    gems (0.8.3)
    git (1.3.0)
    metaclass (0.0.1)
    mocha (0.14.0)
      metaclass (~> 0.0.1)
    nokogiri (1.5.9)
    power_assert (0.2.2)
    rake (0.9.2.2)
    test-unit (3.0.9)
      power_assert

PLATFORMS
  ruby

DEPENDENCIES
  gemsurance!
  mocha (= 0.14.0)
  nokogiri (= 1.5.9)
  rake (= 0.9.2.2)
  test-unit (= 3.0.9)

BUNDLED WITH
   1.13.6
