PATH
  remote: .
  specs:
    gemsurance (0.9.0)
      bundler (~> 1.2)
      gems (>= 0.8)
      git (~> 1.2)

GEM
  remote: https://rubygems.org/
  specs:
    gems (1.1.1)
      json
    git (1.5.0)
    json (2.1.0)
    metaclass (0.0.4)
    mini_portile2 (2.4.0)
    mocha (0.14.0)
      metaclass (~> 0.0.1)
    nokogiri (1.10.0)
      mini_portile2 (~> 2.4.0)
    power_assert (1.0.2)
    rake (0.9.2.2)
    test-unit (3.0.9)
      power_assert

PLATFORMS
  ruby

DEPENDENCIES
  gemsurance!
  mocha (= 0.14.0)
  nokogiri (= 1.10.0)
  rake (= 0.9.2.2)
  test-unit (= 3.0.9)

BUNDLED WITH
   1.17.2
